GEM
  remote: https://rubygems.org/
  specs:
    abstract_type (0.0.7)
    adamantium (0.2.0)
      ice_nine (~> 0.11.0)
      memoizable (~> 0.4.0)
    ast (1.1.0)
    atomic (1.1.16)
    attributable (0.0.1)
    builder (3.2.2)
    concord (0.1.4)
      adamantium (~> 0.1)
      equalizer (~> 0.0.7)
    coveralls (0.7.0)
      multi_json (~> 1.3)
      rest-client
      simplecov (>= 0.7)
      term-ansicolor
      thor
    cucumber (1.3.12)
      builder (>= 2.1.2)
      diff-lcs (>= 1.1.3)
      gherkin (~> 2.12)
      multi_json (>= 1.7.5, < 2.0)
      multi_test (>= 0.1.1)
    diff-lcs (1.2.5)
    docile (1.1.3)
    equalizer (0.0.9)
    gherkin (2.12.2)
      multi_json (~> 1.3)
    git (1.2.6)
    ice_nine (0.11.0)
    json (1.8.1)
    memoizable (0.4.1)
      thread_safe (~> 0.2.0)
    mime-types (2.2)
    multi_json (1.9.0)
    multi_test (0.1.1)
    parser (2.1.7)
      ast (~> 1.1)
      slop (~> 3.4, >= 3.4.5)
    powerpack (0.0.9)
    procto (0.0.2)
    rainbow (2.0.0)
    rake (10.1.1)
    rest-client (1.6.7)
      mime-types (>= 1.16)
    rspec (2.14.1)
      rspec-core (~> 2.14.0)
      rspec-expectations (~> 2.14.0)
      rspec-mocks (~> 2.14.0)
    rspec-core (2.14.8)
    rspec-expectations (2.14.5)
      diff-lcs (>= 1.1.3, < 2.0)
    rspec-mocks (2.14.6)
    rubocop (0.19.1)
      json (>= 1.7.7, < 2)
      parser (~> 2.1.7)
      powerpack (~> 0.0.6)
      rainbow (>= 1.99.1, < 3.0)
      ruby-progressbar (~> 1.4)
    ruby-progressbar (1.4.2)
    simplecov (0.8.2)
      docile (~> 1.1.0)
      multi_json
      simplecov-html (~> 0.8.0)
    simplecov-html (0.8.0)
    slop (3.5.0)
    term-ansicolor (1.3.0)
      tins (~> 1.0)
    thor (0.18.1)
    thread_safe (0.2.0)
      atomic (>= 1.1.7, < 2)
    tins (1.0.0)
    unparser (0.1.9)
      abstract_type (~> 0.0.7)
      adamantium (~> 0.1)
      concord (~> 0.1.4)
      equalizer (~> 0.0.7)
      parser (~> 2.1.0)
      procto (~> 0.0.2)

PLATFORMS
  ruby

DEPENDENCIES
  attributable (~> 0.0.1)
  coveralls
  cucumber (~> 1.3.10)
  git (~> 1.2.6)
  parser (~> 2.1.4)
  rake (~> 10.1.1)
  rspec (~> 2.14.1)
  rubocop (~> 0.19.1)
  unparser (~> 0.1.9)
