GEM
  remote: https://rubygems.org/
  specs:
    abstract_type (0.0.6)
    adamantium (0.1.0)
      ice_nine (~> 0.9)
      thread_safe (~> 0.1.2)
    ast (1.1.0)
    atomic (1.1.14)
    builder (3.2.2)
    concord (0.1.4)
      adamantium (~> 0.1)
      equalizer (~> 0.0.7)
    coveralls (0.7.0)
      multi_json (~> 1.3)
      rest-client
      simplecov (>= 0.7)
      term-ansicolor
      thor
    cucumber (1.3.10)
      builder (>= 2.1.2)
      diff-lcs (>= 1.1.3)
      gherkin (~> 2.12)
      multi_json (>= 1.7.5, < 2.0)
      multi_test (>= 0.0.2)
    diff-lcs (1.2.4)
    docile (1.1.1)
    equalizer (0.0.7)
    gherkin (2.12.2)
      multi_json (~> 1.3)
    ice_nine (0.10.0)
    mime-types (2.0)
    multi_json (1.8.2)
    multi_test (0.0.3)
    parser (2.0.0.pre8)
      ast (~> 1.1)
      slop (~> 3.4, >= 3.4.5)
    rake (10.1.1)
    rest-client (1.6.7)
      mime-types (>= 1.16)
    rspec (2.14.1)
      rspec-core (~> 2.14.0)
      rspec-expectations (~> 2.14.0)
      rspec-mocks (~> 2.14.0)
    rspec-core (2.14.5)
    rspec-expectations (2.14.3)
      diff-lcs (>= 1.1.3, < 2.0)
    rspec-mocks (2.14.3)
    simplecov (0.8.2)
      docile (~> 1.1.0)
      multi_json
      simplecov-html (~> 0.8.0)
    simplecov-html (0.8.0)
    slop (3.4.6)
    term-ansicolor (1.2.2)
      tins (~> 0.8)
    thor (0.18.1)
    thread_safe (0.1.3)
      atomic
    tins (0.13.1)
    unparser (0.1.3)
      abstract_type (~> 0.0.6)
      adamantium (~> 0.1.0)
      concord (~> 0.1.1)
      equalizer (~> 0.0.7)
      parser (~> 2.0.0.pre7)

PLATFORMS
  ruby

DEPENDENCIES
  coveralls
  cucumber (~> 1.3.10)
  parser (~> 2.0.0.pre)
  rake (~> 10.1.1)
  rspec (~> 2.14.1)
  unparser (~> 0.1)
